PATH
  remote: .
  specs:
    ciql (0.1.0)
      cql-rb (~> 1.0.0.pre7)
      simple_uuid (~> 0.3.0)

GEM
  remote: https://rubygems.org/
  specs:
    cql-rb (1.0.0.pre7)
    diff-lcs (1.2.4)
    multi_json (1.7.3)
    rake (10.0.4)
    rspec (2.13.0)
      rspec-core (~> 2.13.0)
      rspec-expectations (~> 2.13.0)
      rspec-mocks (~> 2.13.0)
    rspec-core (2.13.1)
    rspec-expectations (2.13.0)
      diff-lcs (>= 1.1.3, < 2.0)
    rspec-mocks (2.13.1)
    simple_uuid (0.3.0)
    simplecov (0.7.1)
      multi_json (~> 1.0)
      simplecov-html (~> 0.7.1)
    simplecov-html (0.7.1)

PLATFORMS
  ruby

DEPENDENCIES
  ciql!
  rake
  rspec
  simplecov
